GEM
  specs:
    base64 (0.1.1)
    bip-schnorr (0.4.0)
      ecdsa (~> 1.2.0)
    ecdsa (1.2.0)
    event_emitter (0.2.6)
    eventmachine (1.2.7)
    faye-websocket (0.11.1)
      eventmachine (>= 0.12.0)
      websocket-driver (>= 0.5.1)
    highline (2.0.3)
    json (2.6.2)
    websocket (1.2.9)
    websocket-client-simple (0.6.0)
      event_emitter
      websocket
    websocket-driver (0.7.5)
      websocket-extensions (>= 0.1.0)
    websocket-extensions (0.1.5)

PLATFORMS
  arm64-darwin-21

DEPENDENCIES
  base64
  bip-schnorr
  faye-websocket
  highline
  json
  websocket-client-simple

BUNDLED WITH
   2.3.14
